GEM
  remote: https://rubygems.org/
  specs:
    thrift (0.9.2.0)

PLATFORMS
  ruby

DEPENDENCIES
  thrift (= 0.9.2.0)

BUNDLED WITH
   1.11.2
